GEM
  remote: https://rubygems.org/
  specs:
    haml (3.1.7)
    rack (1.4.1)
    rack-protection (1.2.0)
      rack
    sequel (3.41.0)
    sinatra (1.3.3)
      rack (~> 1.3, >= 1.3.6)
      rack-protection (~> 1.2)
      tilt (~> 1.3, >= 1.3.3)
    spox-plist (3.0.1)
    spox-textpow (0.10.3)
      spox-plist
    sqlite3 (1.3.6)
    tilt (1.3.3)
    uv (0.0.7.5)
      spox-plist
      spox-textpow

PLATFORMS
  ruby

DEPENDENCIES
  haml
  sequel
  sinatra
  sqlite3
  uv
